GEM
  remote: https://rubygems.org/
  specs:
    daemons (1.2.4)
    diff-lcs (1.3)
    eventmachine (1.2.2)
    rack (1.6.5)
    rack-protection (1.5.3)
      rack
    rack-test (0.6.3)
      rack (>= 1.0)
    rspec (2.14.1)
      rspec-core (~> 2.14.0)
      rspec-expectations (~> 2.14.0)
      rspec-mocks (~> 2.14.0)
    rspec-core (2.14.8)
    rspec-expectations (2.14.5)
      diff-lcs (>= 1.1.3, < 2.0)
    rspec-mocks (2.14.6)
    sinatra (1.4.8)
      rack (~> 1.5)
      rack-protection (~> 1.4)
      tilt (>= 1.3, < 3)
    thin (1.6.4)
      daemons (~> 1.0, >= 1.0.9)
      eventmachine (~> 1.0, >= 1.0.4)
      rack (~> 1.0)
    tilt (2.0.6)

PLATFORMS
  ruby

DEPENDENCIES
  rack-test (~> 0.6.2)
  rspec (~> 2.14.1)
  sinatra (~> 1.4.4)
  thin (~> 1.6.1)

BUNDLED WITH
   1.13.6
